NUGET
  remote: https://nuget.org/api/v2
  specs:
    Common.Logging (2.1.2) - framework: >= net40
    Common.Logging.Log4Net1211 (2.1.2) - framework: >= net40
      Common.Logging (>= 2.0.0)
      log4net (>= 1.2.11)
    log4net (2.0.0) - framework: >= net40
    NuGet.CommandLine (2.8.6)
    NUnit (2.6.2) - framework: >= net40
    RhinoMocks (3.6.1)
    Topshelf (3.1.0) - framework: >= net40
